GEM
  remote: https://rubygems.org/
  specs:
    mini_portile2 (2.8.5)
    rack (3.0.8)
    roda (3.76.0)
      rack
    sqlite3 (1.7.0)
      mini_portile2 (~> 2.8.0)
    sqlite3 (1.7.0-x86_64-linux)

PLATFORMS
  ruby
  x86_64-linux

DEPENDENCIES
  roda (~> 3.76)
  sqlite3 (~> 1.7)

BUNDLED WITH
   2.5.4
